GEM
  remote: http://rubygems.org/
  specs:
    RedCloth (4.2.9)
    awesome_print (1.1.0)
    coffee-script (2.2.0)
      coffee-script-source
      execjs
    coffee-script-source (1.4.0)
    commonjs (0.2.6)
    erubis (2.7.0)
    execjs (1.4.0)
      multi_json (~> 1.0)
    haml (3.1.7)
    highline (1.6.15)
    less (2.2.2)
      commonjs (~> 0.2.6)
    liquid (2.4.1)
    mime-types (1.19)
    multi_json (1.5.0)
    rake (10.0.3)
    rdiscount (1.6.8)
    ref (1.0.2)
    rest-client (1.6.7)
      mime-types (>= 1.16)
    sass (3.2.4)
    therubyracer (0.11.0)
      ref
    tilt (1.3.3)

PLATFORMS
  ruby

DEPENDENCIES
  RedCloth
  awesome_print
  coffee-script
  erubis
  haml
  highline
  less
  liquid
  rake
  rdiscount
  rest-client
  sass
  therubyracer
  tilt
