GEM
  remote: http://rubygems.org/
  specs:
    RedCloth (4.2.9)
    awesome_print (1.1.0)
    coffee-script (2.2.0)
      coffee-script-source
      execjs
    coffee-script-source (1.4.0)
    commonjs (0.2.6)
    erector (0.9.0)
      treetop (>= 1.2.3)
    erubis (2.7.0)
    execjs (1.4.0)
      multi_json (~> 1.0)
    ffi (1.3.0)
    haml (3.1.7)
    highline (1.6.15)
    less (2.2.2)
      commonjs (~> 0.2.6)
    libxml-ruby (2.3.3)
    liquid (2.4.1)
    listen (0.7.1)
    mime-types (1.19)
    multi_json (1.5.0)
    polyglot (0.3.3)
    rack (1.4.3)
    rack-protection (1.3.2)
      rack
    rake (10.0.3)
    ratom (0.7.2)
      libxml-ruby (~> 2.3.2)
    rb-inotify (0.8.8)
      ffi (>= 0.5.0)
    rdiscount (1.6.8)
    ref (1.0.2)
    rerun (0.7.1)
      listen
    rest-client (1.6.7)
      mime-types (>= 1.16)
    sass (3.2.4)
    sinatra (1.3.3)
      rack (~> 1.3, >= 1.3.6)
      rack-protection (~> 1.2)
      tilt (~> 1.3, >= 1.3.3)
    therubyracer (0.11.0)
      ref
    tilt (1.3.3)
    treetop (1.4.12)
      polyglot
      polyglot (>= 0.3.1)

PLATFORMS
  ruby

DEPENDENCIES
  RedCloth
  awesome_print
  coffee-script
  erector
  erubis
  haml
  highline
  less
  liquid
  rake
  ratom
  rb-inotify (~> 0.8.8)
  rdiscount
  rerun
  rest-client
  sass
  sinatra
  therubyracer
  tilt
